GIT
  remote: git://github.com/codebrew/backbone-rails.git
  revision: 9bf992cc5e9fcb14174c437102040cdd6a562581
  branch: master
  specs:
    rails-backbone (1.1.2)
      coffee-script
      ejs
      jquery-rails
      railties

GEM
  remote: https://rubygems.org/
  specs:
    actionmailer (4.0.0)
      actionpack (= 4.0.0)
      mail (~> 2.5.3)
    actionpack (4.0.0)
      activesupport (= 4.0.0)
      builder (~> 3.1.0)
      erubis (~> 2.7.0)
      rack (~> 1.5.2)
      rack-test (~> 0.6.2)
    activemodel (4.0.0)
      activesupport (= 4.0.0)
      builder (~> 3.1.0)
    activerecord (4.0.0)
      activemodel (= 4.0.0)
      activerecord-deprecated_finders (~> 1.0.2)
      activesupport (= 4.0.0)
      arel (~> 4.0.0)
    activerecord-deprecated_finders (1.0.3)
    activesupport (4.0.0)
      i18n (~> 0.6, >= 0.6.4)
      minitest (~> 4.2)
      multi_json (~> 1.3)
      thread_safe (~> 0.1)
      tzinfo (~> 0.3.37)
    angularjs-rails (1.2.25)
    arel (4.0.2)
    asset_sync (1.1.0)
      activemodel
      fog (>= 1.8.0)
      unf
    attr_required (1.0.0)
    bcrypt (3.1.7)
    builder (3.1.4)
    closure-compiler (1.1.11)
    coffee-rails (4.0.1)
      coffee-script (>= 2.2.0)
      railties (>= 4.0.0, < 5.0)
    coffee-script (2.3.0)
      coffee-script-source
      execjs
    coffee-script-source (1.8.0)
    devise (3.3.0)
      bcrypt (~> 3.0)
      orm_adapter (~> 0.1)
      railties (>= 3.2.6, < 5)
      thread_safe (~> 0.1)
      warden (~> 1.2.3)
    dynamic_sitemaps (2.0.0)
    ejs (1.1.1)
    erubis (2.7.0)
    excon (0.39.5)
    execjs (2.2.1)
    faraday (0.9.0)
      multipart-post (>= 1.2, < 3)
    fb_graph (2.7.16)
      httpclient (>= 2.2.0.2)
      multi_json (>= 1.3)
      rack-oauth2 (>= 0.14.4)
      tzinfo
    fog (1.23.0)
      fog-brightbox
      fog-core (~> 1.23)
      fog-json
      fog-softlayer
      ipaddress (~> 0.5)
      nokogiri (~> 1.5, >= 1.5.11)
    fog-brightbox (0.5.1)
      fog-core (~> 1.22)
      fog-json
      inflecto
    fog-core (1.24.0)
      builder
      excon (~> 0.38)
      formatador (~> 0.2)
      mime-types
      net-scp (~> 1.1)
      net-ssh (>= 2.1.3)
    fog-json (1.0.0)
      multi_json (~> 1.0)
    fog-softlayer (0.3.17)
      fog-core
      fog-json
    font-awesome-sass (4.3.2.1)
      sass (~> 3.2)
    formatador (0.2.5)
    haml (4.0.5)
      tilt
    haml-rails (0.5.1)
      actionpack (~> 4.0.0)
      activesupport (~> 4.0.0)
      haml (>= 3.1, < 5.0)
      railties (~> 4.0.0)
    hashie (3.3.1)
    hike (1.2.3)
    hpricot (0.8.6)
    httmultiparty (0.3.15)
      httparty (>= 0.7.3)
      mimemagic
      multipart-post
    httparty (0.13.1)
      json (~> 1.8)
      multi_xml (>= 0.5.2)
    httpauth (0.2.1)
    httpclient (2.3.4.1)
    i18n (0.6.11)
    inflecto (0.0.2)
    ipaddress (0.8.0)
    jbuilder (1.5.3)
      activesupport (>= 3.0.0)
      multi_json (>= 1.2.0)
    jquery-rails (3.1.2)
      railties (>= 3.0, < 5.0)
      thor (>= 0.14, < 2.0)
    json (1.8.1)
    jwt (0.1.13)
      multi_json (>= 1.5)
    mail (2.5.4)
      mime-types (~> 1.16)
      treetop (~> 1.4.8)
    mime-types (1.25.1)
    mimemagic (0.2.1)
    mini_portile (0.6.0)
    minitest (4.7.5)
    multi_json (1.10.1)
    multi_xml (0.5.5)
    multipart-post (2.0.0)
    net-scp (1.2.1)
      net-ssh (>= 2.6.5)
    net-ssh (2.9.1)
    newrelic_rpm (3.9.5.251)
    nokogiri (1.6.3.1)
      mini_portile (= 0.6.0)
    oauth (0.4.7)
    oauth2 (0.8.1)
      faraday (~> 0.8)
      httpauth (~> 0.1)
      jwt (~> 0.1.4)
      multi_json (~> 1.0)
      rack (~> 1.2)
    omniauth (1.2.2)
      hashie (>= 1.2, < 4)
      rack (~> 1.0)
    omniauth-facebook (1.4.0)
      omniauth-oauth2 (~> 1.0.2)
    omniauth-oauth2 (1.0.3)
      oauth2 (~> 0.8.0)
      omniauth (~> 1.0)
    orm_adapter (0.5.0)
    pg (0.17.1)
    polyglot (0.3.5)
    rack (1.5.2)
    rack-oauth2 (1.0.8)
      activesupport (>= 2.3)
      attr_required (>= 0.0.5)
      httpclient (>= 2.2.0.2)
      multi_json (>= 1.3.6)
      rack (>= 1.1)
    rack-test (0.6.2)
      rack (>= 1.0)
    rails (4.0.0)
      actionmailer (= 4.0.0)
      actionpack (= 4.0.0)
      activerecord (= 4.0.0)
      activesupport (= 4.0.0)
      bundler (>= 1.3.0, < 2.0)
      railties (= 4.0.0)
      sprockets-rails (~> 2.0.0)
    rails_12factor (0.0.2)
      rails_serve_static_assets
      rails_stdout_logging
    rails_serve_static_assets (0.0.2)
    rails_stdout_logging (0.0.3)
    railties (4.0.0)
      actionpack (= 4.0.0)
      activesupport (= 4.0.0)
      rake (>= 0.8.7)
      thor (>= 0.18.1, < 2.0)
    rake (10.3.2)
    rdoc (4.1.2)
      json (~> 1.4)
    rockstar (0.8.0)
      activesupport (>= 1.4.2)
      hpricot (>= 0.4.86)
      i18n (>= 0.5.0)
      rake (>= 0.10.0)
    sass (3.2.19)
    sass-rails (4.0.3)
      railties (>= 4.0.0, < 5.0)
      sass (~> 3.2.0)
      sprockets (~> 2.8, <= 2.11.0)
      sprockets-rails (~> 2.0)
    sdoc (0.4.1)
      json (~> 1.7, >= 1.7.7)
      rdoc (~> 4.0)
    simple_oauth (0.2.0)
    soundcloud (0.3.1)
      hashie
      httmultiparty (>= 0.3)
      httparty (>= 0.7.3)
    sprockets (2.11.0)
      hike (~> 1.2)
      multi_json (~> 1.0)
      rack (~> 1.0)
      tilt (~> 1.1, != 1.3.0)
    sprockets-rails (2.0.1)
      actionpack (>= 3.0)
      activesupport (>= 3.0)
      sprockets (~> 2.8)
    thor (0.19.1)
    thread_safe (0.3.4)
    tilt (1.4.1)
    treetop (1.4.15)
      polyglot
      polyglot (>= 0.3.1)
    turbolinks (2.3.0)
      coffee-rails
    tzinfo (0.3.41)
    uglifier (2.5.3)
      execjs (>= 0.3.0)
      json (>= 1.8.0)
    unf (0.1.4)
      unf_ext
    unf_ext (0.0.6)
    voight_kampff (0.2.1)
      httpclient (~> 2.2)
      nokogiri (~> 1.6.0)
    warden (1.2.3)
      rack (>= 1.0)
    will_paginate (3.0.7)
    youtube_it (2.1.1)
      builder
      builder
      faraday
      faraday
      faraday
      faraday
      faraday
      faraday
      faraday
      faraday
      faraday
      faraday
      faraday
      faraday
      faraday
      faraday
      faraday
      faraday
      faraday
      faraday
      faraday
      faraday
      faraday
      faraday
      faraday
      faraday
      faraday
      faraday
      faraday
      faraday
      faraday
      faraday
      faraday
      faraday
      faraday
      faraday
      faraday
      faraday
      faraday
      faraday
      faraday
      faraday
      faraday
      faraday
      faraday
      faraday
      faraday
      faraday
      faraday
      faraday
      faraday
      faraday
      faraday
      faraday
      faraday
      faraday
      faraday
      faraday
      faraday
      faraday
      faraday
      faraday
      faraday
      faraday
      faraday
      faraday
      faraday
      faraday
      faraday
      faraday
      faraday
      faraday
      faraday
      faraday
      faraday
      faraday (>= 0.7.3)
      faraday (>= 0.7.3)
      faraday (>= 0.7.3)
      faraday (>= 0.7.3)
      faraday (>= 0.7.3)
      faraday (>= 0.7.3)
      faraday (>= 0.7.3)
      faraday (>= 0.7.3)
      faraday (>= 0.7.3)
      faraday (>= 0.7.3)
      faraday (>= 0.7.3)
      faraday (>= 0.7.3)
      faraday (>= 0.7.3)
      faraday (>= 0.7.3)
      faraday (>= 0.7.3)
      faraday (>= 0.7.3)
      faraday (>= 0.7.3)
      faraday (>= 0.7.3)
      faraday (>= 0.7.3)
      faraday (>= 0.7.3)
      faraday (>= 0.7.3)
      faraday (>= 0.7.3)
      faraday (>= 0.7.3)
      faraday (>= 0.7.3)
      faraday (>= 0.7.3)
      faraday (>= 0.7.3)
      faraday (>= 0.7.3)
      faraday (>= 0.7.3)
      faraday (>= 0.7.3)
      faraday (>= 0.7.3)
      faraday (>= 0.7.3)
      faraday (>= 0.7.3)
      faraday (>= 0.7.3)
      faraday (>= 0.7.3)
      faraday (>= 0.7.3)
      faraday (>= 0.7.3)
      faraday (>= 0.7.3)
      faraday (>= 0.7.3)
      faraday (>= 0.7.3)
      faraday (>= 0.7.3)
      faraday (>= 0.7.3)
      faraday (>= 0.7.3)
      faraday (>= 0.7.3)
      faraday (>= 0.7.3)
      faraday (>= 0.7.3)
      faraday (>= 0.7.3)
      faraday (>= 0.7.3)
      faraday (>= 0.7.3)
      faraday (>= 0.7.3)
      faraday (>= 0.7.3)
      faraday (>= 0.7.3)
      faraday (>= 0.7.3)
      faraday (>= 0.7.3)
      faraday (>= 0.7.3)
      faraday (>= 0.7.3)
      faraday (>= 0.7.3)
      faraday (>= 0.7.3)
      faraday (>= 0.7.3)
      faraday (>= 0.7.3)
      faraday (>= 0.7.3)
      faraday (>= 0.7.3)
      faraday (>= 0.7.3)
      faraday (>= 0.7.3)
      faraday (>= 0.7.3)
      faraday (>= 0.7.3)
      faraday (>= 0.7.3)
      faraday (>= 0.7.3)
      faraday (>= 0.7.3)
      faraday (>= 0.7.3)
      faraday (>= 0.7.3)
      faraday (>= 0.7.3)
      faraday (>= 0.7.3)
      faraday (>= 0.7.3)
      faraday (>= 0.7.3)
      nokogiri
      oauth
      oauth
      oauth
      oauth
      oauth
      oauth
      oauth
      oauth
      oauth
      oauth
      oauth
      oauth
      oauth
      oauth
      oauth
      oauth
      oauth
      oauth
      oauth
      oauth
      oauth
      oauth
      oauth
      oauth
      oauth
      oauth
      oauth
      oauth
      oauth
      oauth
      oauth
      oauth
      oauth
      oauth
      oauth
      oauth
      oauth
      oauth
      oauth
      oauth
      oauth
      oauth
      oauth
      oauth
      oauth
      oauth
      oauth
      oauth
      oauth
      oauth
      oauth
      oauth
      oauth
      oauth
      oauth
      oauth
      oauth
      oauth
      oauth
      oauth
      oauth
      oauth
      oauth
      oauth
      oauth
      oauth
      oauth
      oauth
      oauth
      oauth
      oauth
      oauth
      oauth
      oauth (>= 0.4.4)
      oauth (>= 0.4.4)
      oauth (>= 0.4.4)
      oauth (>= 0.4.4)
      oauth (>= 0.4.4)
      oauth (>= 0.4.4)
      oauth (>= 0.4.4)
      oauth (>= 0.4.4)
      oauth (>= 0.4.4)
      oauth (>= 0.4.4)
      oauth (>= 0.4.4)
      oauth (>= 0.4.4)
      oauth (>= 0.4.4)
      oauth (>= 0.4.4)
      oauth (>= 0.4.4)
      oauth (>= 0.4.4)
      oauth (>= 0.4.4)
      oauth (>= 0.4.4)
      oauth (>= 0.4.4)
      oauth (>= 0.4.4)
      oauth (>= 0.4.4)
      oauth (>= 0.4.4)
      oauth (>= 0.4.4)
      oauth (>= 0.4.4)
      oauth (>= 0.4.4)
      oauth (>= 0.4.4)
      oauth (>= 0.4.4)
      oauth (>= 0.4.4)
      oauth (>= 0.4.4)
      oauth (>= 0.4.4)
      oauth (>= 0.4.4)
      oauth (>= 0.4.4)
      oauth (>= 0.4.4)
      oauth (>= 0.4.4)
      oauth (>= 0.4.4)
      oauth (>= 0.4.4)
      oauth (>= 0.4.4)
      oauth (>= 0.4.4)
      oauth (>= 0.4.4)
      oauth (>= 0.4.4)
      oauth (>= 0.4.4)
      oauth (>= 0.4.4)
      oauth (>= 0.4.4)
      oauth (>= 0.4.4)
      oauth (>= 0.4.4)
      oauth (>= 0.4.4)
      oauth (>= 0.4.4)
      oauth (>= 0.4.4)
      oauth (>= 0.4.4)
      oauth (>= 0.4.4)
      oauth (>= 0.4.4)
      oauth (>= 0.4.4)
      oauth (>= 0.4.4)
      oauth (>= 0.4.4)
      oauth (>= 0.4.4)
      oauth (>= 0.4.4)
      oauth (>= 0.4.4)
      oauth (>= 0.4.4)
      oauth (>= 0.4.4)
      oauth (>= 0.4.4)
      oauth (>= 0.4.4)
      oauth (>= 0.4.4)
      oauth (>= 0.4.4)
      oauth (>= 0.4.4)
      oauth (>= 0.4.4)
      oauth (>= 0.4.4)
      oauth (>= 0.4.4)
      oauth (>= 0.4.4)
      oauth (>= 0.4.4)
      oauth (>= 0.4.4)
      oauth (>= 0.4.4)
      oauth (>= 0.4.4)
      oauth (>= 0.4.4)
      oauth (>= 0.4.4)
      simple_oauth
      simple_oauth
      simple_oauth
      simple_oauth
      simple_oauth
      simple_oauth
      simple_oauth
      simple_oauth
      simple_oauth
      simple_oauth
      simple_oauth
      simple_oauth
      simple_oauth
      simple_oauth
      simple_oauth
      simple_oauth
      simple_oauth (>= 0.1.5)
      simple_oauth (>= 0.1.5)
      simple_oauth (>= 0.1.5)
      simple_oauth (>= 0.1.5)
      simple_oauth (>= 0.1.5)
      simple_oauth (>= 0.1.5)
      simple_oauth (>= 0.1.5)
      simple_oauth (>= 0.1.5)
      simple_oauth (>= 0.1.5)
      simple_oauth (>= 0.1.5)
      simple_oauth (>= 0.1.5)
      simple_oauth (>= 0.1.5)
      simple_oauth (>= 0.1.5)
      simple_oauth (>= 0.1.5)
      simple_oauth (>= 0.1.5)
      simple_oauth (>= 0.1.5)
      simple_oauth (>= 0.1.5)
      simple_oauth (>= 0.1.5)
      simple_oauth (>= 0.1.5)
      simple_oauth (>= 0.1.5)
      simple_oauth (>= 0.1.5)
      simple_oauth (>= 0.1.5)
      simple_oauth (>= 0.1.5)
      simple_oauth (>= 0.1.5)
      simple_oauth (>= 0.1.5)
      simple_oauth (>= 0.1.5)
      simple_oauth (>= 0.1.5)
      simple_oauth (>= 0.1.5)
      simple_oauth (>= 0.1.5)
      simple_oauth (>= 0.1.5)
      simple_oauth (>= 0.1.5)
      simple_oauth (>= 0.1.5)
      simple_oauth (>= 0.1.5)
      simple_oauth (>= 0.1.5)
      simple_oauth (>= 0.1.5)
      simple_oauth (>= 0.1.5)
      simple_oauth (>= 0.1.5)
      simple_oauth (>= 0.1.5)
      simple_oauth (>= 0.1.5)
      simple_oauth (>= 0.1.5)
      simple_oauth (>= 0.1.5)
      simple_oauth (>= 0.1.5)
      simple_oauth (>= 0.1.5)
      simple_oauth (>= 0.1.5)
      simple_oauth (>= 0.1.5)
      simple_oauth (>= 0.1.5)
      simple_oauth (>= 0.1.5)
      simple_oauth (>= 0.1.5)
      simple_oauth (>= 0.1.5)
      simple_oauth (>= 0.1.5)
      simple_oauth (>= 0.1.5)
      simple_oauth (>= 0.1.5)
      simple_oauth (>= 0.1.5)
      simple_oauth (>= 0.1.5)
      simple_oauth (>= 0.1.5)
      simple_oauth (>= 0.1.5)
      simple_oauth (>= 0.1.5)
      simple_oauth (>= 0.1.5)
      simple_oauth (>= 0.1.5)
      simple_oauth (>= 0.1.5)
      simple_oauth (>= 0.1.5)
      simple_oauth (>= 0.1.5)
      simple_oauth (>= 0.1.5)
      simple_oauth (>= 0.1.5)
      simple_oauth (>= 0.1.5)
      simple_oauth (>= 0.1.5)
      simple_oauth (>= 0.1.5)
      simple_oauth (>= 0.1.5)
      simple_oauth (>= 0.1.5)
      simple_oauth (>= 0.1.5)
      simple_oauth (>= 0.1.5)
      simple_oauth (>= 0.1.5)
      simple_oauth (>= 0.1.5)
      simple_oauth (>= 0.1.5)

PLATFORMS
  ruby

DEPENDENCIES
  angularjs-rails (~> 1.2.16)
  asset_sync
  closure-compiler (~> 1.1.11)
  coffee-rails (~> 4.0.0)
  devise
  dynamic_sitemaps
  fb_graph (~> 2.7.16)
  fog (~> 1.20)
  font-awesome-sass
  haml (~> 4.0.3)
  haml-rails (~> 0.4)
  httpclient (~> 2.3.4.1)
  jbuilder (~> 1.2)
  jquery-rails
  newrelic_rpm
  omniauth
  omniauth-facebook (= 1.4.0)
  pg
  rails (= 4.0.0)
  rails-backbone!
  rails_12factor
  rockstar (~> 0.8.0)
  sass-rails (~> 4.0.0)
  sdoc
  soundcloud
  turbolinks
  uglifier (>= 1.3.0)
  voight_kampff (~> 0.2.1)
  will_paginate (~> 3.0.7)
  youtube_it
